GEM
  remote: https://rubygems.org/
  specs:
    addressable (2.3.5)
    chromatic (0.6.1)
    faraday (0.8.8)
      multipart-post (~> 1.2.0)
    multipart-post (1.2.0)
    octokit (2.1.2)
      sawyer (~> 0.5.0)
    sawyer (0.5.0)
      addressable (~> 2.3.5)
      faraday (~> 0.8, < 0.10)

PLATFORMS
  ruby

DEPENDENCIES
  chromatic
  octokit
